GIT
  remote: git://github.com/idl3/devise.git
  revision: 63ae2431af05c2c38389dd89ea05ede0f4d161cd
  branch: rails4
  specs:
    devise (2.1.2)
      bcrypt-ruby (~> 3.0)
      orm_adapter (~> 0.1)
      railties (> 3.1)
      warden (~> 1.2.1)

GIT
  remote: git://github.com/rails/activerecord-deprecated_finders.git
  revision: 2c4ebb2e79095efdd189c08861e3e7f694c52215
  specs:
    activerecord-deprecated_finders (0.0.1)

GIT
  remote: git://github.com/rails/arel.git
  revision: 38d0a222e275d917a2c1d093b24457bafb600a00
  specs:
    arel (3.0.2.20120819075748)

GIT
  remote: git://github.com/rails/coffee-rails.git
  revision: 052634e6d02d4800d7b021201cc8d5829775b3cd
  specs:
    coffee-rails (4.0.0.beta)
      coffee-script (>= 2.2.0)
      railties (>= 4.0.0.beta, < 5.0)

GIT
  remote: git://github.com/rails/journey.git
  revision: e64274443f8420df2518cf2206a2c640d9d8e196
  specs:
    journey (2.0.0.20120723141804)

GIT
  remote: git://github.com/rails/rails.git
  revision: 2d35e58a05c5917a275ac164135a686b40ac544f
  specs:
    actionmailer (4.0.0.beta)
      actionpack (= 4.0.0.beta)
      mail (~> 2.5.3)
    actionpack (4.0.0.beta)
      activesupport (= 4.0.0.beta)
      builder (~> 3.1.0)
      erubis (~> 2.7.0)
      rack (~> 1.4.3)
      rack-test (~> 0.6.1)
    activemodel (4.0.0.beta)
      activesupport (= 4.0.0.beta)
      builder (~> 3.1.0)
    activerecord (4.0.0.beta)
      activemodel (= 4.0.0.beta)
      activerecord-deprecated_finders (= 0.0.1)
      activesupport (= 4.0.0.beta)
      arel (~> 3.0.2)
    activesupport (4.0.0.beta)
      i18n (~> 0.6)
      minitest (~> 4.1)
      multi_json (~> 1.3)
      thread_safe (~> 0.1)
      tzinfo (~> 0.3.33)
    rails (4.0.0.beta)
      actionmailer (= 4.0.0.beta)
      actionpack (= 4.0.0.beta)
      activerecord (= 4.0.0.beta)
      activesupport (= 4.0.0.beta)
      bundler (>= 1.2.2, < 2.0)
      railties (= 4.0.0.beta)
      sprockets-rails (~> 2.0.0.rc1)
    railties (4.0.0.beta)
      actionpack (= 4.0.0.beta)
      activesupport (= 4.0.0.beta)
      rake (>= 0.8.7)
      rdoc (~> 3.4)
      thor (>= 0.15.4, < 2.0)

GIT
  remote: git://github.com/rails/sass-rails.git
  revision: ae8138a89cac397c0df903dd533e2862902ce8f5
  specs:
    sass-rails (4.0.0.beta)
      railties (>= 4.0.0.beta, < 5.0)
      sass (>= 3.1.10)
      sprockets-rails (~> 2.0.0.rc0)
      tilt (~> 1.3)

GIT
  remote: git://github.com/rails/sprockets-rails.git
  revision: 09917104fdb42245fe369612a7b0e3d77e1ba763
  specs:
    sprockets-rails (2.0.0.rc1)
      actionpack (>= 3.0)
      activesupport (>= 3.0)
      sprockets (~> 2.8)

GEM
  remote: http://bundler-api.herokuapp.com/
  specs:
    acts_as_commentable (4.0.0)
    addressable (2.3.2)
    annotate (2.5.0)
      rake
    atomic (1.0.1)
    atomic (1.0.1-java)
    bcrypt-ruby (3.0.1)
    bcrypt-ruby (3.0.1-java)
    bourne (1.1.2)
      mocha (= 0.10.5)
    builder (3.1.4)
    cancan (1.6.8)
    capybara (2.0.2)
      mime-types (>= 1.16)
      nokogiri (>= 1.3.3)
      rack (>= 1.0.0)
      rack-test (>= 0.5.4)
      selenium-webdriver (~> 2.0)
      xpath (~> 1.0.0)
    childprocess (0.3.6)
      ffi (~> 1.0, >= 1.0.6)
    cocaine (0.4.2)
    coderay (1.0.8)
    coffee-script (2.2.0)
      coffee-script-source
      execjs
    coffee-script-source (1.4.0)
    cucumber (1.2.1)
      builder (>= 2.1.2)
      diff-lcs (>= 1.1.3)
      gherkin (~> 2.11.0)
      json (>= 1.4.6)
    cucumber-rails (1.3.0)
      capybara (>= 1.1.2)
      cucumber (>= 1.1.8)
      nokogiri (>= 1.5.0)
    database_cleaner (0.9.1)
    diff-lcs (1.1.3)
    email_spec (1.4.0)
      launchy (~> 2.1)
      mail (~> 2.2)
    erubis (2.7.0)
    execjs (1.4.0)
      multi_json (~> 1.0)
    fabrication (2.5.4)
    ffi (1.1.5)
    ffi (1.1.5-java)
    forgery (0.5.0)
    fuubar (1.1.0)
      rspec (~> 2.0)
      rspec-instafail (~> 0.2.0)
      ruby-progressbar (~> 1.0.0)
    gherkin (2.11.5)
      json (>= 1.4.6)
    gherkin (2.11.5-java)
      json (>= 1.4.6)
    growl (1.0.3)
    guard (1.6.1)
      listen (>= 0.6.0)
      lumberjack (>= 1.0.2)
      pry (>= 0.9.10)
      thor (>= 0.14.6)
    guard-cucumber (1.3.1)
      cucumber (>= 1.2.0)
      guard (>= 1.1.0)
    guard-rspec (2.3.3)
      guard (>= 1.1)
      rspec (~> 2.11)
    guard-spork (1.4.1)
      childprocess (>= 0.2.3)
      guard (>= 1.1)
      spork (>= 0.8.4)
    has_scope (0.5.1)
    hike (1.2.1)
    i18n (0.6.1)
    inherited_resources (1.3.1)
      has_scope (~> 0.5.0)
      responders (~> 0.6)
    je (0.1.3)
    jquery-rails (2.1.4)
      railties (>= 3.0, < 5.0)
      thor (>= 0.14, < 2.0)
    json (1.7.6)
    json (1.7.6-java)
    kaminari (0.14.1)
      actionpack (>= 3.0.0)
      activesupport (>= 3.0.0)
    launchy (2.1.2)
      addressable (~> 2.3)
    launchy (2.1.2-java)
      addressable (~> 2.3)
      ffi (~> 1.1.1)
      spoon (~> 0.0.1)
    libv8 (3.11.8.13)
    libwebsocket (0.1.7.1)
      addressable
      websocket
    listen (0.7.2)
    lumberjack (1.0.2)
    mail (2.5.3)
      i18n (>= 0.4.0)
      mime-types (~> 1.16)
      treetop (~> 1.4.8)
    metaclass (0.0.1)
    method_source (0.8.1)
    mime-types (1.19)
    minitest (4.4.0)
    mocha (0.10.5)
      metaclass (~> 0.0.1)
    multi_json (1.5.0)
    mysql2 (0.3.11)
    nifty-generators (0.4.6)
    nokogiri (1.5.6)
    nokogiri (1.5.6-java)
    orm_adapter (0.4.0)
    paperclip (3.4.0)
      activemodel (>= 3.0.0)
      activerecord (>= 3.0.0)
      activesupport (>= 3.0.0)
      cocaine (~> 0.4.0)
      mime-types
    polyglot (0.3.3)
    pry (0.9.10)
      coderay (~> 1.0.5)
      method_source (~> 0.8)
      slop (~> 3.3.1)
    pry (0.9.10-java)
      coderay (~> 1.0.5)
      method_source (~> 0.8)
      slop (~> 3.3.1)
      spoon (~> 0.0)
    psych (1.3.4)
    puma (1.6.3)
      rack (~> 1.2)
    puma (1.6.3-java)
      rack (~> 1.2)
    rack (1.4.3)
    rack-test (0.6.2)
      rack (>= 1.0)
    rake (10.0.3)
    rb-fsevent (0.9.3)
    rdoc (3.12)
      json (~> 1.4)
    ref (1.0.2)
    responders (0.6.5)
    rip_hashrocket (0.1.0)
    rspec (2.12.0)
      rspec-core (~> 2.12.0)
      rspec-expectations (~> 2.12.0)
      rspec-mocks (~> 2.12.0)
    rspec-core (2.12.2)
    rspec-expectations (2.12.1)
      diff-lcs (~> 1.1.3)
    rspec-instafail (0.2.4)
    rspec-mocks (2.12.1)
    rspec-rails (2.12.2)
      actionpack (>= 3.0)
      activesupport (>= 3.0)
      railties (>= 3.0)
      rspec-core (~> 2.12.0)
      rspec-expectations (~> 2.12.0)
      rspec-mocks (~> 2.12.0)
    ruby-progressbar (1.0.2)
    rubyzip (0.9.9)
    sass (3.2.5)
    selenium-webdriver (2.27.2)
      childprocess (>= 0.2.5)
      libwebsocket (~> 0.1.3)
      multi_json (~> 1.0)
      rubyzip
    shoulda (3.3.2)
      shoulda-context (~> 1.0.1)
      shoulda-matchers (~> 1.4.1)
    shoulda-context (1.0.2)
    shoulda-matchers (1.4.2)
      activesupport (>= 3.0.0)
      bourne (~> 1.1.2)
    simple-navigation (3.9.0)
      activesupport (>= 2.3.2)
    simple_form (1.4.1)
    slim (1.3.6)
      temple (~> 0.5.5)
      tilt (~> 1.3.3)
    slop (3.3.3)
    spoon (0.0.1)
    spork (0.9.2)
    sprockets (2.8.2)
      hike (~> 1.2)
      multi_json (~> 1.0)
      rack (~> 1.0)
      tilt (~> 1.1, != 1.3.0)
    syntax (1.0.0)
    temple (0.5.5)
    therubyracer (0.11.2)
      libv8 (~> 3.11.8.12)
      ref
    thor (0.16.0)
    thread_safe (0.1.0)
      atomic
    tilt (1.3.3)
    treetop (1.4.12)
      polyglot
      polyglot (>= 0.3.1)
    turbolinks (1.0.0)
      coffee-rails
    tzinfo (0.3.35)
    uglifier (1.3.0)
      execjs (>= 0.3.0)
      multi_json (~> 1.0, >= 1.0.2)
    warden (1.2.1)
      rack (>= 1.0)
    websocket (1.0.6)
    xpath (1.0.0)
      nokogiri (~> 1.3)

PLATFORMS
  java
  ruby

DEPENDENCIES
  activerecord-deprecated_finders!
  acts_as_commentable
  annotate
  arel!
  cancan
  capybara
  coffee-rails!
  cucumber-rails
  database_cleaner
  devise!
  email_spec
  fabrication
  forgery
  fuubar
  growl
  guard
  guard-cucumber
  guard-rspec
  guard-spork
  inherited_resources
  je
  journey!
  jquery-rails
  kaminari
  launchy
  mysql2
  nifty-generators
  paperclip
  psych
  puma
  rails!
  rb-fsevent
  rip_hashrocket
  rspec
  rspec-rails
  sass-rails!
  shoulda
  simple-navigation
  simple_form
  slim
  spork
  sprockets-rails!
  syntax
  therubyracer
  turbolinks
  uglifier
