GIT
  remote: git://github.com/Rockfordal/link_to_action.git
  revision: 043f636a03892ecf2b6c2c176e93f3c9e909778d
  specs:
    link_to_action (0.3.0)

GIT
  remote: git://github.com/idl3/devise.git
  revision: 5a96778c678f2bce91bcdd63b16206a516002649
  branch: rails4
  specs:
    devise (2.1.3)
      bcrypt-ruby (~> 3.0)
      orm_adapter (~> 0.1)
      railties (> 3.1)
      warden (~> 1.2.1)

GIT
  remote: git://github.com/rails/activerecord-deprecated_finders.git
  revision: 46aa99efc9c3c1db1d4f2e55373481212e6b2e26
  specs:
    activerecord-deprecated_finders (0.0.3)

GIT
  remote: git://github.com/rails/arel.git
  revision: 933ea218116645eafaf3b7ea5695520db0f9d9ba
  specs:
    arel (4.0.0.beta2.20130314230643)

GIT
  remote: git://github.com/rails/coffee-rails.git
  revision: 948fef30464235e7588e34faa513b448a00c0e6b
  specs:
    coffee-rails (4.0.0.beta1)
      coffee-script (>= 2.2.0)
      railties (>= 4.0.0.beta, < 5.0)

GIT
  remote: git://github.com/rails/journey.git
  revision: f0938d664286dc0b47f13092fa5d04a9225038d4
  specs:
    journey (2.0.0.20120723141804)

GIT
  remote: git://github.com/rails/jquery-rails.git
  revision: 28ee0ef4c8486c1e331bbc7f7d0ccbf1b0631af5
  specs:
    jquery-rails (2.2.1)
      railties (>= 3.0, < 5.0)
      thor (>= 0.14, < 2.0)

GIT
  remote: git://github.com/rails/rails.git
  revision: 481618cfc20faf980e0e238ffa1a9d192b51d00b
  specs:
    actionmailer (4.0.0.beta1)
      actionpack (= 4.0.0.beta1)
      mail (~> 2.5.3)
    actionpack (4.0.0.beta1)
      activesupport (= 4.0.0.beta1)
      builder (~> 3.1.0)
      erubis (~> 2.7.0)
      rack (~> 1.5.2)
      rack-test (~> 0.6.2)
    activemodel (4.0.0.beta1)
      activesupport (= 4.0.0.beta1)
      builder (~> 3.1.0)
    activerecord (4.0.0.beta1)
      activemodel (= 4.0.0.beta1)
      activerecord-deprecated_finders (~> 0.0.3)
      activesupport (= 4.0.0.beta1)
      arel (~> 4.0.0.beta2)
    activesupport (4.0.0.beta1)
      i18n (~> 0.6, >= 0.6.4)
      minitest (~> 4.2)
      multi_json (~> 1.3)
      thread_safe (~> 0.1)
      tzinfo (~> 0.3.37)
    rails (4.0.0.beta1)
      actionmailer (= 4.0.0.beta1)
      actionpack (= 4.0.0.beta1)
      activerecord (= 4.0.0.beta1)
      activesupport (= 4.0.0.beta1)
      bundler (>= 1.3.0, < 2.0)
      railties (= 4.0.0.beta1)
      sprockets-rails (~> 2.0.0.rc3)
    railties (4.0.0.beta1)
      actionpack (= 4.0.0.beta1)
      activesupport (= 4.0.0.beta1)
      rake (>= 0.8.7)
      thor (>= 0.18.1, < 2.0)

GIT
  remote: git://github.com/rails/sass-rails.git
  revision: d435679b0fe528b954a9abd0059f975d94707574
  specs:
    sass-rails (4.0.0.beta1)
      railties (>= 4.0.0.beta, < 5.0)
      sass (>= 3.1.10)
      sprockets-rails (~> 2.0.0.rc0)
      tilt (~> 1.3)

GIT
  remote: git://github.com/rails/sprockets-rails.git
  revision: 16082178a15ce50270ec2250ad202379fa882079
  specs:
    sprockets-rails (2.0.0.rc3)
      actionpack (>= 3.0)
      activesupport (>= 3.0)
      sprockets (~> 2.8)

GEM
  remote: http://bundler-api.herokuapp.com/
  specs:
    acts_as_commentable (4.0.0)
    addressable (2.3.3)
    annotate (2.5.0)
      rake
    atomic (1.1.7)
    atomic (1.1.7-java)
    bcrypt-ruby (3.0.1)
    bcrypt-ruby (3.0.1-java)
    bourne (1.4.0)
      mocha (~> 0.13.2)
    builder (3.1.4)
    cancan (1.6.9)
    capybara (2.1.0)
      mime-types (>= 1.16)
      nokogiri (>= 1.3.3)
      rack (>= 1.0.0)
      rack-test (>= 0.5.4)
      xpath (~> 2.0)
    childprocess (0.3.9)
      ffi (~> 1.0, >= 1.0.11)
    climate_control (0.0.3)
      activesupport (>= 3.0)
    cocaine (0.5.1)
      climate_control (>= 0.0.3, < 1.0)
    coderay (1.0.9)
    coffee-script (2.2.0)
      coffee-script-source
      execjs
    coffee-script-source (1.6.2)
    cucumber (1.2.5)
      builder (>= 2.1.2)
      diff-lcs (>= 1.1.3)
      gherkin (~> 2.11.7)
      multi_json (~> 1.3)
    cucumber-rails (1.3.0)
      capybara (>= 1.1.2)
      cucumber (>= 1.1.8)
      nokogiri (>= 1.5.0)
    database_cleaner (0.9.1)
    diff-lcs (1.2.3)
    email_spec (1.4.0)
      launchy (~> 2.1)
      mail (~> 2.2)
    erubis (2.7.0)
    execjs (1.4.0)
      multi_json (~> 1.0)
    fabrication (2.6.4)
    ffi (1.7.0)
    ffi (1.7.0-java)
    forgery (0.5.0)
    formatador (0.2.4)
    fuubar (1.1.0)
      rspec (~> 2.0)
      rspec-instafail (~> 0.2.0)
      ruby-progressbar (~> 1.0.0)
    gherkin (2.11.8)
      multi_json (~> 1.3)
    gherkin (2.11.8-java)
      multi_json (~> 1.3)
    growl (1.0.3)
    guard (1.7.0)
      formatador (>= 0.2.4)
      listen (>= 0.6.0)
      lumberjack (>= 1.0.2)
      pry (>= 0.9.10)
      thor (>= 0.14.6)
    guard-cucumber (1.4.0)
      cucumber (>= 1.2.0)
      guard (>= 1.1.0)
    guard-rspec (2.5.2)
      guard (>= 1.1)
      rspec (~> 2.11)
    guard-spork (1.5.0)
      childprocess (>= 0.2.3)
      guard (>= 1.1)
      spork (>= 0.8.4)
    has_scope (0.5.1)
    hike (1.2.2)
    i18n (0.6.4)
    inherited_resources (1.3.1)
      has_scope (~> 0.5.0)
      responders (~> 0.6)
    je (0.1.3)
    kaminari (0.14.1)
      actionpack (>= 3.0.0)
      activesupport (>= 3.0.0)
    launchy (2.2.0)
      addressable (~> 2.3)
    launchy (2.2.0-java)
      addressable (~> 2.3)
      spoon (~> 0.0.1)
    libv8 (3.11.8.17)
    listen (0.7.3)
    lumberjack (1.0.3)
    mail (2.5.3)
      i18n (>= 0.4.0)
      mime-types (~> 1.16)
      treetop (~> 1.4.8)
    metaclass (0.0.1)
    method_source (0.8.1)
    mime-types (1.22)
    minitest (4.7.1)
    mocha (0.13.3)
      metaclass (~> 0.0.1)
    multi_json (1.7.2)
    mysql2 (0.3.11)
    nifty-generators (0.4.6)
    nokogiri (1.5.9)
    nokogiri (1.5.9-java)
    orm_adapter (0.4.0)
    paperclip (3.4.1)
      activemodel (>= 3.0.0)
      activerecord (>= 3.0.0)
      activesupport (>= 3.0.0)
      cocaine (~> 0.5.0)
      mime-types
    polyglot (0.3.3)
    pry (0.9.12)
      coderay (~> 1.0.5)
      method_source (~> 0.8)
      slop (~> 3.4)
    pry (0.9.12-java)
      coderay (~> 1.0.5)
      method_source (~> 0.8)
      slop (~> 3.4)
      spoon (~> 0.0)
    psych (2.0.0)
    puma (1.6.3)
      rack (~> 1.2)
    puma (1.6.3-java)
      rack (~> 1.2)
    rack (1.5.2)
    rack-test (0.6.2)
      rack (>= 1.0)
    rake (10.0.4)
    rb-fsevent (0.9.3)
    ref (1.0.4)
    responders (0.6.5)
    rip_hashrocket (0.1.0)
    rspec (2.13.0)
      rspec-core (~> 2.13.0)
      rspec-expectations (~> 2.13.0)
      rspec-mocks (~> 2.13.0)
    rspec-core (2.13.1)
    rspec-expectations (2.13.0)
      diff-lcs (>= 1.1.3, < 2.0)
    rspec-instafail (0.2.4)
    rspec-mocks (2.13.1)
    rspec-rails (2.13.0)
      actionpack (>= 3.0)
      activesupport (>= 3.0)
      railties (>= 3.0)
      rspec-core (~> 2.13.0)
      rspec-expectations (~> 2.13.0)
      rspec-mocks (~> 2.13.0)
    ruby-progressbar (1.0.2)
    sass (3.2.7)
    shoulda (3.4.0)
      shoulda-context (~> 1.0, >= 1.0.1)
      shoulda-matchers (~> 1.0, >= 1.4.1)
    shoulda-context (1.1.0)
    shoulda-matchers (1.5.6)
      activesupport (>= 3.0.0)
      bourne (~> 1.3)
    simple-navigation (3.10.1)
      activesupport (>= 2.3.2)
    simple_form (1.4.1)
    slim (1.3.8)
      temple (~> 0.6.3)
      tilt (~> 1.3.3)
    slop (3.4.4)
    spoon (0.0.3)
      ffi
    spork (0.9.2)
    sprockets (2.9.2)
      hike (~> 1.2)
      multi_json (~> 1.0)
      rack (~> 1.0)
      tilt (~> 1.1, != 1.3.0)
    syntax (1.0.0)
    temple (0.6.3)
    therubyracer (0.11.4)
      libv8 (~> 3.11.8.12)
      ref
    thor (0.18.1)
    thread_safe (0.1.0)
      atomic
    tilt (1.3.7)
    treetop (1.4.12)
      polyglot
      polyglot (>= 0.3.1)
    turbolinks (1.1.1)
      coffee-rails
    tzinfo (0.3.37)
    uglifier (2.0.1)
      execjs (>= 0.3.0)
      multi_json (~> 1.0, >= 1.0.2)
    warden (1.2.1)
      rack (>= 1.0)
    xpath (2.0.0)
      nokogiri (~> 1.3)

PLATFORMS
  java
  ruby

DEPENDENCIES
  activerecord-deprecated_finders!
  acts_as_commentable
  annotate
  arel!
  cancan
  capybara
  coffee-rails!
  cucumber-rails
  database_cleaner
  devise!
  email_spec
  fabrication
  forgery
  fuubar
  growl
  guard
  guard-cucumber
  guard-rspec
  guard-spork
  inherited_resources
  je
  journey!
  jquery-rails!
  kaminari
  launchy
  link_to_action!
  mysql2
  nifty-generators
  paperclip
  psych
  puma
  rails!
  rb-fsevent
  rip_hashrocket
  rspec
  rspec-rails
  sass-rails!
  shoulda
  simple-navigation
  simple_form
  slim
  spork
  sprockets-rails!
  syntax
  therubyracer
  turbolinks
  uglifier
